GIT
  remote: https://github.com/weppos/whois.git
  revision: 279623e5abada901c9bbd47d916e4e1fc7a1e4fe
  specs:
    whois (3.1.3)

GEM
  remote: http://rubygems.org/
  specs:
    json (1.7.4)

PLATFORMS
  ruby

DEPENDENCIES
  json
  whois!
