GEM
  remote: http://rubygems.org/
  specs:
    json (1.7.4)
    whois (3.1.3)

PLATFORMS
  ruby

DEPENDENCIES
  json
  whois (= 3.1.3)
